GEM
  remote: https://rubygems.org/
  specs:
    rainbow (2.0.0)
    sass (3.4.18)
    sass-media_query_combiner (0.0.7)
      sass (>= 3.2.0)
    scss_lint (0.41.0)
      rainbow (~> 2.0)
      sass (~> 3.4.15)

PLATFORMS
  ruby

DEPENDENCIES
  sass
  sass-media_query_combiner
  scss_lint

BUNDLED WITH
   1.10.6
